GEM
  remote: https://rubygems.org/
  remote: http://ciab:c14b@gems.ciabos.com/
  specs:
    awesome_print (1.2.0)
    capybara (2.4.1)
      mime-types (>= 1.16)
      nokogiri (>= 1.3.3)
      rack (>= 1.0.0)
      rack-test (>= 0.5.4)
      xpath (~> 2.0)
    celluloid (0.15.2)
      timers (~> 1.1.0)
    celluloid-io (0.15.0)
      celluloid (>= 0.15.0)
      nio4r (>= 0.5.0)
    childprocess (0.5.3)
      ffi (~> 1.0, >= 1.0.11)
    cliver (0.3.2)
    coderay (1.1.0)
    configatron (4.1.0)
    diff-lcs (1.2.5)
    digest-crc (0.4.1)
    docile (1.1.5)
    eventmachine (1.0.3)
    ffi (1.9.3)
    http (0.6.1)
      http_parser.rb (~> 0.6.0)
    http_parser.rb (0.6.0)
    json (1.8.1)
    krakow (0.3.4)
      celluloid-io
      digest-crc
      http
      multi_json
      snappy
    macaddr (1.7.1)
      systemu (~> 2.6.2)
    method_source (0.8.2)
    mime-types (2.3)
    mini_portile (0.6.0)
    multi_json (1.10.1)
    net-http-persistent (2.9.4)
    netrc (0.7.7)
    nio4r (1.0.0)
    nokogiri (1.6.3.1)
      mini_portile (= 0.6.0)
    oj (2.9.6)
    poltergeist (1.5.1)
      capybara (~> 2.1)
      cliver (~> 0.3.1)
      multi_json (~> 1.0)
      websocket-driver (>= 0.2.0)
    poseidon (0.0.4)
    predicated (0.2.6)
    pry (0.10.0)
      coderay (~> 1.1.0)
      method_source (~> 0.8.1)
      slop (~> 3.4)
    pubnub (3.5.5)
      eventmachine
      json
      net-http-persistent
    rack (1.5.2)
    rack-protection (1.5.3)
      rack
    rack-test (0.6.2)
      rack (>= 1.0)
    require_all (1.3.2)
    rest_client (1.7.3)
      netrc (~> 0.7.7)
    riot (0.12.7)
      rr
    rr (1.1.2)
    ruby2ruby (2.1.1)
      ruby_parser (~> 3.1)
      sexp_processor (~> 4.0)
    ruby_nsq (0.0.3)
      nio4r
    ruby_parser (3.6.2)
      sexp_processor (~> 4.1)
    rubyzip (1.1.6)
    selenium-webdriver (2.42.0)
      childprocess (>= 0.5.0)
      multi_json (~> 1.0)
      rubyzip (~> 1.0)
      websocket (~> 1.0.4)
    sexp_processor (4.4.3)
    simplecov (0.9.0)
      docile (~> 1.1.0)
      multi_json
      simplecov-html (~> 0.8.0)
    simplecov-html (0.8.0)
    sinatra (1.4.5)
      rack (~> 1.4)
      rack-protection (~> 1.4)
      tilt (~> 1.3, >= 1.3.4)
    slop (3.5.0)
    snappy (0.0.10)
    sonarr (5.0.5)
      configatron
      pry
      yeasu (~> 5.0.4)
    systemu (2.6.4)
    tilt (1.4.1)
    timers (1.1.0)
    uuid (2.3.7)
      macaddr (~> 1.0)
    websocket (1.0.7)
    websocket-driver (0.3.4)
    wrong (0.7.1)
      diff-lcs (~> 1.2.5)
      predicated (~> 0.2.6)
      ruby2ruby (>= 2.0.1)
      ruby_parser (>= 3.0.1)
      sexp_processor (>= 4.0)
    xpath (2.0.0)
      nokogiri (~> 1.3)
    yeasu (5.0.5)
      awesome_print
      configatron
      krakow
      oj
      poseidon
      pubnub
      require_all
      rest_client
      ruby_nsq
      uuid

PLATFORMS
  ruby

DEPENDENCIES
  capybara
  poltergeist
  pry
  require_all
  riot
  selenium-webdriver
  simplecov (~> 0.9.0)
  sinatra (~> 1.4.5)
  sonarr (= 5.0.5)
  wrong
